PATH
  remote: .
  specs:
    mangoapps-sdk (0.6.0)
      addressable (~> 2.8)
      dotenv (~> 2.8)
      faraday (~> 2.10)
      faraday-retry (~> 2.2)
      multi_json (~> 1.15)
      oauth2 (~> 2.0)

GEM
  remote: https://rubygems.org/
  specs:
    addressable (2.8.7)
      public_suffix (>= 2.0.2, < 7.0)
    base64 (0.3.0)
    bigdecimal (3.2.3)
    diff-lcs (1.6.2)
    dotenv (2.8.1)
    faraday (2.13.4)
      faraday-net_http (>= 2.0, < 3.5)
      json
      logger
    faraday-net_http (3.4.1)
      net-http (>= 0.5.0)
    faraday-retry (2.3.2)
      faraday (~> 2.0)
    hashie (5.0.0)
    json (2.13.2)
    jwt (3.1.2)
      base64
    logger (1.7.0)
    multi_json (1.17.0)
    multi_xml (0.7.2)
      bigdecimal (~> 3.1)
    net-http (0.6.0)
      uri
    oauth2 (2.0.14)
      faraday (>= 0.17.3, < 4.0)
      jwt (>= 1.0, < 4.0)
      logger (~> 1.2)
      multi_xml (~> 0.5)
      rack (>= 1.2, < 4)
      snaky_hash (~> 2.0, >= 2.0.3)
      version_gem (~> 1.1, >= 1.1.8)
    public_suffix (6.0.2)
    rack (3.2.1)
    rspec (3.13.1)
      rspec-core (~> 3.13.0)
      rspec-expectations (~> 3.13.0)
      rspec-mocks (~> 3.13.0)
    rspec-core (3.13.5)
      rspec-support (~> 3.13.0)
    rspec-expectations (3.13.5)
      diff-lcs (>= 1.2.0, < 2.0)
      rspec-support (~> 3.13.0)
    rspec-mocks (3.13.5)
      diff-lcs (>= 1.2.0, < 2.0)
      rspec-support (~> 3.13.0)
    rspec-support (3.13.5)
    snaky_hash (2.0.3)
      hashie (>= 0.1.0, < 6)
      version_gem (>= 1.1.8, < 3)
    uri (1.0.3)
    version_gem (1.1.9)

PLATFORMS
  arm64-darwin-24
  ruby

DEPENDENCIES
  mangoapps-sdk!
  rspec (~> 3.13)

BUNDLED WITH
   2.6.5
